GEM
  remote: https://rubygems.org/
  specs:
    coderay (1.1.2)
    concurrent-ruby (1.1.5)
    i18n (1.7.0)
      concurrent-ruby (~> 1.0)
    method_source (0.9.2)
    money (6.13.4)
      i18n (>= 0.6.4, <= 2)
    pry (0.12.2)
      coderay (~> 1.1.0)
      method_source (~> 0.9.0)
    pry-doc (1.0.0)
      pry (~> 0.11)
      yard (~> 0.9.11)
    yard (0.9.35)

PLATFORMS
  ruby

DEPENDENCIES
  money
  pry
  pry-doc

RUBY VERSION
   ruby 2.6.5p114

BUNDLED WITH
   1.17.2
